GEM
  remote: https://rubygems.org/
  specs:
    addressable (2.3.8)
    compare_linker (1.2.1)
      httpclient
      octokit
    faraday (0.9.2)
      multipart-post (>= 1.2, < 3)
    httpclient (2.7.1)
    multipart-post (2.0.0)
    octokit (4.2.0)
      sawyer (~> 0.6.0, >= 0.5.3)
    sawyer (0.6.0)
      addressable (~> 2.3.5)
      faraday (~> 0.8, < 0.10)

PLATFORMS
  ruby

DEPENDENCIES
  compare_linker

BUNDLED WITH
   1.11.2
